GEM
  remote: https://rubygems.org/
  specs:
    activemodel (5.0.1)
      activesupport (= 5.0.1)
    activesupport (5.0.1)
      concurrent-ruby (~> 1.0, >= 1.0.2)
      i18n (~> 0.7)
      minitest (~> 5.1)
      tzinfo (~> 1.1)
    bson (4.2.1)
    concurrent-ruby (1.0.4)
    database_cleaner (1.5.3)
    dotenv (2.2.0)
    faker (1.7.3)
      i18n (~> 0.5)
    i18n (0.8.0)
    metaclass (0.0.4)
    minitest (5.10.1)
    minitest-hooks (1.4.0)
    mocha (1.2.1)
      metaclass (~> 0.0.1)
    mongo (2.4.1)
      bson (>= 4.2.1, < 5.0.0)
    mongoid (6.1.0)
      activemodel (~> 5.0)
      mongo (>= 2.4.1, < 3.0.0)
    rack (1.6.5)
    rack-test (0.6.3)
      rack (>= 1.0)
    rake (12.0.0)
    slim (3.0.7)
      temple (~> 0.7.6)
      tilt (>= 1.3.3, < 2.1)
    temple (0.7.7)
    thread_safe (0.3.5)
    tilt (2.0.6)
    tzinfo (1.2.2)
      thread_safe (~> 0.1)

PLATFORMS
  ruby

DEPENDENCIES
  database_cleaner
  dotenv
  faker
  minitest
  minitest-hooks
  mocha
  mongoid
  rack-test
  rake
  slim

RUBY VERSION
   ruby 2.3.1p112

BUNDLED WITH
   1.14.3
